GEM
  remote: https://rubygems.org/
  specs:
    addressable (2.4.0)
    cool.io (1.4.5)
    faraday (0.9.2)
      multipart-post (>= 1.2, < 3)
    fluent-plugin-google-cloud (0.5.1)
      fluentd (~> 0.10)
      google-api-client (> 0.9)
      googleauth (~> 0.4)
      json (~> 1.8)
    fluentd (0.14.8)
      cool.io (~> 1.4.5)
      http_parser.rb (>= 0.5.1, < 0.7.0)
      msgpack (>= 0.7.0, < 2.0.0)
      serverengine (~> 2.0)
      sigdump (~> 0.2.2)
      strptime (~> 0.1.7)
      tzinfo (~> 1.0)
      tzinfo-data (~> 1.0)
      yajl-ruby (~> 1.0)
    google-api-client (0.9.15)
      addressable (~> 2.3)
      googleauth (~> 0.5)
      httpclient (~> 2.7)
      hurley (~> 0.1)
      memoist (~> 0.11)
      mime-types (>= 1.6)
      representable (~> 2.3.0)
      retriable (~> 2.0)
    googleauth (0.5.1)
      faraday (~> 0.9)
      jwt (~> 1.4)
      logging (~> 2.0)
      memoist (~> 0.12)
      multi_json (~> 1.11)
      os (~> 0.9)
      signet (~> 0.7)
    http_parser.rb (0.6.0)
    httpclient (2.8.2.4)
    hurley (0.2)
    json (1.8.3)
    jwt (1.5.6)
    little-plugger (1.1.4)
    logging (2.1.0)
      little-plugger (~> 1.1)
      multi_json (~> 1.10)
    memoist (0.15.0)
    mime-types (3.1)
      mime-types-data (~> 3.2015)
    mime-types-data (3.2016.0521)
    msgpack (1.0.0)
    multi_json (1.12.1)
    multipart-post (2.0.0)
    os (0.9.6)
    representable (2.3.0)
      uber (~> 0.0.7)
    retriable (2.1.0)
    serverengine (2.0.0)
      sigdump (~> 0.2.2)
    sigdump (0.2.4)
    signet (0.7.3)
      addressable (~> 2.3)
      faraday (~> 0.9)
      jwt (~> 1.5)
      multi_json (~> 1.10)
    strptime (0.1.8)
    thread_safe (0.3.5)
    tzinfo (1.2.2)
      thread_safe (~> 0.1)
    tzinfo-data (1.2016.7)
      tzinfo (>= 1.0.0)
    uber (0.0.15)
    yajl-ruby (1.2.1)

PLATFORMS
  ruby

DEPENDENCIES
  fluent-plugin-google-cloud (~> 0.5.1)
  fluentd (~> 0.14.8)
  google-api-client (~> 0.9.15)
  googleauth (~> 0.5.1)

BUNDLED WITH
   1.13.3
