GEM
  remote: https://rubygems.org/
  specs:
    addressable (2.5.2)
      public_suffix (>= 2.0.2, < 4.0)
    cool.io (1.5.3)
    declarative (0.0.10)
    declarative-option (0.1.0)
    dig_rb (1.0.1)
    faraday (0.15.4)
      multipart-post (>= 1.2, < 3)
    fluent-plugin-detect-exceptions (0.0.11)
      fluentd (>= 0.10)
    fluent-plugin-google-cloud (0.4.2)
      fluentd (>= 0.10)
      google-api-client (>= 0.8)
      googleauth (~> 0.4)
      json (~> 1.8.2)
    fluentd (1.3.3)
      cool.io (>= 1.4.5, < 2.0.0)
      dig_rb (~> 1.0.0)
      http_parser.rb (>= 0.5.1, < 0.7.0)
      msgpack (>= 0.7.0, < 2.0.0)
      serverengine (>= 2.0.4, < 3.0.0)
      sigdump (~> 0.2.2)
      strptime (>= 0.2.2, < 1.0.0)
      tzinfo (~> 1.0)
      tzinfo-data (~> 1.0)
      yajl-ruby (~> 1.0)
    google-api-client (0.27.3)
      addressable (~> 2.5, >= 2.5.1)
      googleauth (>= 0.5, < 0.10.0)
      httpclient (>= 2.8.1, < 3.0)
      mime-types (~> 3.0)
      representable (~> 3.0)
      retriable (>= 2.0, < 4.0)
      signet (~> 0.10)
    googleauth (0.8.0)
      faraday (~> 0.12)
      jwt (>= 1.4, < 3.0)
      memoist (~> 0.16)
      multi_json (~> 1.11)
      os (>= 0.9, < 2.0)
      signet (~> 0.7)
    http_parser.rb (0.6.0)
    httpclient (2.8.3)
    json (1.8.6)
    jwt (2.1.0)
    memoist (0.16.0)
    mime-types (3.2.2)
      mime-types-data (~> 3.2015)
    mime-types-data (3.2018.0812)
    msgpack (1.2.6)
    multi_json (1.13.1)
    multipart-post (2.0.0)
    os (1.0.0)
    public_suffix (3.0.3)
    representable (3.0.4)
      declarative (< 0.1.0)
      declarative-option (< 0.2.0)
      uber (< 0.2.0)
    retriable (3.1.2)
    serverengine (2.1.0)
      sigdump (~> 0.2.2)
    sigdump (0.2.4)
    signet (0.11.0)
      addressable (~> 2.3)
      faraday (~> 0.9)
      jwt (>= 1.5, < 3.0)
      multi_json (~> 1.10)
    strptime (0.2.3)
    thread_safe (0.3.6)
    tzinfo (1.2.5)
      thread_safe (~> 0.1)
    tzinfo-data (1.2018.9)
      tzinfo (>= 1.0.0)
    uber (0.1.0)
    yajl-ruby (1.4.1)

PLATFORMS
  ruby

DEPENDENCIES
  fluent-plugin-detect-exceptions
  fluent-plugin-google-cloud
  fluentd (~> 1)
  google-api-client (~> 0.20)

BUNDLED WITH
   2.0.1
